GIT
  remote: https://github.com/tootsuite/mastodon-api.git
  revision: 189deb8219ae1ce7c34386d9ad1ca7e4a5fec62c
  ref: 189deb8
  specs:
    mastodon-api (1.2.0)
      addressable (~> 2.5)
      buftok
      http (~> 3.0)
      oj (~> 3.3)

GEM
  remote: https://rubygems.org/
  specs:
    addressable (2.5.2)
      public_suffix (>= 2.0.2, < 4.0)
    buftok (0.2.0)
    domain_name (0.5.20180417)
      unf (>= 0.0.5, < 1.0.0)
    dotenv (2.5.0)
    http (3.3.0)
      addressable (~> 2.3)
      http-cookie (~> 1.0)
      http-form_data (~> 2.0)
      http_parser.rb (~> 0.6.0)
    http-cookie (1.0.3)
      domain_name (~> 0.5)
    http-form_data (2.1.1)
    http_parser.rb (0.6.0)
    iolite (0.0.3)
    oj (3.6.5)
    public_suffix (3.0.2)
    thor (0.19.1)
    unf (0.1.4)
      unf_ext
    unf_ext (0.0.7.5-x86-mingw32)
    wandbox (0.1.0)
      iolite (= 0.0.3)
      thor (= 0.19.1)

PLATFORMS
  x86-mingw32

DEPENDENCIES
  dotenv
  mastodon-api!
  wandbox

BUNDLED WITH
   1.16.2
